PATH
  remote: .
  specs:
    crampy (0.15.4)
      activesupport (~> 3.2)
      eventmachine (~> 1.0)
      faye-websocket (~> 0.3)
      rack (~> 1.3)
      thor (~> 0.14)

PATH
  remote: .
  specs:
    crampy (0.15.4)
      activesupport (~> 3.2)
      eventmachine (~> 1.0)
      faye-websocket (~> 0.3)
      rack (~> 1.3)
      thor (~> 0.14)

GEM
  remote: http://rubygems.org/
  specs:
    activemodel (3.2.13)
      activesupport (= 3.2.13)
      builder (~> 3.0.0)
    activerecord (3.2.13)
      activemodel (= 3.2.13)
      activesupport (= 3.2.13)
      arel (~> 3.0.2)
      tzinfo (~> 0.3.29)
    activesupport (3.2.13)
      i18n (= 0.6.1)
      multi_json (~> 1.0)
    addressable (2.3.4)
    ansi (1.4.3)
    archive-tar-minitar (0.5.2)
    arel (3.0.2)
    async-rack (0.5.1)
      rack (~> 1.1)
    async_sinatra (1.1.0)
      rack (>= 1.4.1)
      sinatra (>= 1.3.2)
    builder (3.0.4)
    columnize (0.3.6)
    cookiejar (0.3.0)
    daemons (1.1.9)
    em-http-request (1.0.3)
      addressable (>= 2.2.3)
      cookiejar
      em-socksify
      eventmachine (>= 1.0.0.beta.4)
      http_parser.rb (>= 0.5.3)
    em-socksify (0.2.1)
      eventmachine (>= 1.0.0.beta.4)
    em-synchrony (1.0.3)
      eventmachine (>= 1.0.0.beta.1)
    erubis (2.7.0)
    eventmachine (1.0.3)
    faye-websocket (0.6.1)
      eventmachine (>= 0.12.0)
      websocket-driver (>= 0.2.0)
    http_parser.rb (0.5.3)
    http_router (0.11.0)
      rack (>= 1.0.0)
      url_mount (~> 0.2.1)
    i18n (0.6.1)
    kgio (2.8.0)
    linecache19 (0.5.12)
      ruby_core_source (>= 0.1.4)
    minitest (4.7.4)
    multi_json (1.7.3)
    mysql2 (0.3.11)
    rack (1.5.2)
    rack-protection (1.5.0)
      rack
    rainbows (4.5.0)
      kgio (~> 2.5)
      rack (~> 1.1)
      unicorn (~> 4.6, >= 4.6.2)
    raindrops (0.11.0)
    ruby-debug-base19 (0.11.25)
      columnize (>= 0.3.1)
      linecache19 (>= 0.5.11)
      ruby_core_source (>= 0.1.4)
    ruby-debug19 (0.11.6)
      columnize (>= 0.3.1)
      linecache19 (>= 0.5.11)
      ruby-debug-base19 (>= 0.11.19)
    ruby_core_source (0.1.5)
      archive-tar-minitar (>= 0.5.2)
    sinatra (1.4.2)
      rack (~> 1.5, >= 1.5.2)
      rack-protection (~> 1.4)
      tilt (~> 1.3, >= 1.3.4)
    thin (1.5.1)
      daemons (>= 1.0.9)
      eventmachine (>= 0.12.6)
      rack (>= 1.0.0)
    thor (0.18.1)
    tilt (1.4.1)
    turn (0.9.6)
      ansi
    tzinfo (0.3.37)
    unicorn (4.6.2)
      kgio (~> 2.6)
      rack
      raindrops (~> 0.7)
    url_mount (0.2.1)
      rack
    websocket-driver (0.2.0)
    yajl-ruby (1.1.0)

PLATFORMS
  ruby

DEPENDENCIES
  activerecord
  async-rack
  async_sinatra
  crampy!
  em-http-request
  em-synchrony
  erubis
  http_router
  minitest (~> 4.7.3)
  mysql2
  rainbows
  ruby-debug19
  thin
  turn
  yajl-ruby
