PATH
  remote: .
  specs:
    cramp (0.15.1)
      activesupport (~> 3.0.9)
      eventmachine (~> 1.0.0.beta.3)
      faye-websocket (~> 0.4.4)
      rack (~> 1.4.1)
      thor (~> 0.14.6)

GEM
  remote: http://rubygems.org/
  specs:
    activemodel (3.0.12)
      activesupport (= 3.0.12)
      builder (~> 2.1.2)
      i18n (~> 0.5.0)
    activerecord (3.0.12)
      activemodel (= 3.0.12)
      activesupport (= 3.0.12)
      arel (~> 2.0.10)
      tzinfo (~> 0.3.23)
    activesupport (3.0.12)
    addressable (2.2.7)
    ansi (1.4.2)
    archive-tar-minitar (0.5.2)
    arel (2.0.10)
    async-rack (0.5.1)
      rack (~> 1.1)
    async_sinatra (1.0.0)
      rack (>= 1.4.1)
      sinatra (>= 1.3.2)
    builder (2.1.2)
    columnize (0.3.6)
    cookiejar (0.3.0)
    daemons (1.1.8)
    em-http-request (1.0.2)
      addressable (>= 2.2.3)
      cookiejar
      em-socksify
      eventmachine (>= 1.0.0.beta.4)
      http_parser.rb (>= 0.5.3)
    em-socksify (0.1.0)
      eventmachine
    em-synchrony (1.0.0)
      eventmachine (>= 1.0.0.beta.1)
    erubis (2.7.0)
    eventmachine (1.0.0.beta.4)
    faye-websocket (0.4.4)
      eventmachine (>= 0.12.0)
    http_parser.rb (0.5.3)
    http_router (0.10.2)
      rack (>= 1.0.0)
      url_mount (~> 0.2.1)
    i18n (0.5.0)
    kgio (2.7.3)
    linecache19 (0.5.12)
      ruby_core_source (>= 0.1.4)
    minitest (2.11.4)
    mysql2 (0.2.18)
    rack (1.4.1)
    rack-protection (1.2.0)
      rack
    rainbows (4.3.1)
      kgio (~> 2.5)
      rack (~> 1.1)
      unicorn (~> 4.1)
    raindrops (0.8.0)
    rake (0.9.2.2)
    ruby-debug-base19 (0.11.25)
      columnize (>= 0.3.1)
      linecache19 (>= 0.5.11)
      ruby_core_source (>= 0.1.4)
    ruby-debug19 (0.11.6)
      columnize (>= 0.3.1)
      linecache19 (>= 0.5.11)
      ruby-debug-base19 (>= 0.11.19)
    ruby_core_source (0.1.5)
      archive-tar-minitar (>= 0.5.2)
    sinatra (1.3.2)
      rack (~> 1.3, >= 1.3.6)
      rack-protection (~> 1.2)
      tilt (~> 1.3, >= 1.3.3)
    thin (1.2.11)
      daemons (>= 1.0.9)
      eventmachine (>= 0.12.6)
      rack (>= 1.0.0)
    thor (0.14.6)
    tilt (1.3.3)
    turn (0.9.4)
      ansi
    tzinfo (0.3.32)
    unicorn (4.2.0)
      kgio (~> 2.6)
      rack
      raindrops (~> 0.7)
    url_mount (0.2.1)
      rack
    yajl-ruby (1.1.0)

PLATFORMS
  ruby

DEPENDENCIES
  activerecord
  async-rack
  async_sinatra
  cramp!
  em-http-request
  em-synchrony
  erubis
  http_router
  minitest
  mysql2 (~> 0.2.11)
  rainbows
  rake
  ruby-debug19
  thin (~> 1.2.11)
  turn
  yajl-ruby
