PATH
  remote: .
  specs:
    cramp (0.15.1)
      activesupport (~> 3.0.9)
      eventmachine (~> 1.0.0.beta.3)
      faye-websocket (~> 0.3.0)
      rack (~> 1.3.2)

GEM
  remote: http://rubygems.org/
  specs:
    activemodel (3.0.9)
      activesupport (= 3.0.9)
      builder (~> 2.1.2)
      i18n (~> 0.5.0)
    activerecord (3.0.9)
      activemodel (= 3.0.9)
      activesupport (= 3.0.9)
      arel (~> 2.0.10)
      tzinfo (~> 0.3.23)
    activesupport (3.0.9)
    addressable (2.2.6)
    ansi (1.3.0)
    archive-tar-minitar (0.5.2)
    arel (2.0.10)
    async-rack (0.5.1)
      rack (~> 1.1)
    async_sinatra (0.5.0)
      rack (>= 1.2.1)
      sinatra (>= 1.0)
    builder (2.1.2)
    columnize (0.3.6)
    daemons (1.1.4)
    em-http-request (0.3.0)
      addressable (>= 2.0.0)
      escape_utils
      eventmachine (>= 0.12.9)
    em-synchrony (0.2.0)
      eventmachine (>= 0.12.9)
    erubis (2.7.0)
    escape_utils (0.2.3)
    eventmachine (1.0.0.beta.3)
    faye-websocket (0.3.0)
      eventmachine (>= 0.12.0)
    http_router (0.10.0)
      rack (>= 1.0.0)
      url_mount (~> 0.2.1)
    i18n (0.5.0)
    kgio (2.6.0)
    linecache19 (0.5.12)
      ruby_core_source (>= 0.1.4)
    minitest (2.11.3)
    mysql2 (0.2.11)
    rack (1.3.2)
    rainbows (4.2.0)
      kgio (~> 2.5)
      rack (~> 1.1)
      unicorn (~> 4.0)
    raindrops (0.7.0)
    rake (0.9.2.2)
    ruby-debug-base19 (0.11.25)
      columnize (>= 0.3.1)
      linecache19 (>= 0.5.11)
      ruby_core_source (>= 0.1.4)
    ruby-debug19 (0.11.6)
      columnize (>= 0.3.1)
      linecache19 (>= 0.5.11)
      ruby-debug-base19 (>= 0.11.19)
    ruby_core_source (0.1.5)
      archive-tar-minitar (>= 0.5.2)
    sinatra (1.2.6)
      rack (~> 1.1)
      tilt (>= 1.2.2, < 2.0)
    thin (1.2.11)
      daemons (>= 1.0.9)
      eventmachine (>= 0.12.6)
      rack (>= 1.0.0)
    tilt (1.3.2)
    turn (0.8.2)
      ansi (>= 1.2.2)
    tzinfo (0.3.29)
    unicorn (4.0.1)
      kgio (~> 2.4)
      rack
      raindrops (~> 0.6)
    url_mount (0.2.1)
      rack
    yajl-ruby (0.8.2)

PLATFORMS
  ruby

DEPENDENCIES
  activerecord (~> 3.0.9)
  async-rack
  async_sinatra
  cramp!
  em-http-request
  em-synchrony
  erubis
  http_router
  minitest
  mysql2 (~> 0.2.11)
  rainbows
  rake
  ruby-debug19
  thin (~> 1.2.11)
  turn
  yajl-ruby
